GEM
  remote: https://rubygems.org/
  specs:
    minitest (5.11.3)
    slop (4.6.2)

PLATFORMS
  ruby

DEPENDENCIES
  minitest
  slop

RUBY VERSION
   ruby 2.5.1p57

BUNDLED WITH
   1.16.5
